GEM
  remote: http://rubygems.org/
  specs:
    ZenTest (4.6.2)
    autotest (4.4.6)
      ZenTest (>= 4.4.1)
    configuration (1.3.1)
    diff-lcs (1.1.3)
    launchy (0.3.7)
      configuration (>= 0.0.5)
      rake (>= 0.8.1)
    open_gem (1.4.2)
      launchy (~> 0.3.5)
    rake (0.9.2.2)
    rspec (2.8.0)
      rspec-core (~> 2.8.0)
      rspec-expectations (~> 2.8.0)
      rspec-mocks (~> 2.8.0)
    rspec-core (2.8.0)
    rspec-expectations (2.8.0)
      diff-lcs (~> 1.1.2)
    rspec-mocks (2.8.0)

PLATFORMS
  ruby

DEPENDENCIES
  autotest (= 4.4.6)
  open_gem (= 1.4.2)
  rspec
